GIT
  remote: https://github.com/msghaleb/kitchen-ansiblepush.git
  revision: e0d5222276aefcabbe2b0fe912928cc3daafb0d1
  specs:
    kitchen-ansiblepush (0.4.0)
      test-kitchen

GEM
  remote: https://rubygems.org/
  specs:
    artifactory (2.3.2)
    aws-sdk (2.3.15)
      aws-sdk-resources (= 2.3.15)
    aws-sdk-core (2.3.15)
      jmespath (~> 1.0)
    aws-sdk-resources (2.3.15)
      aws-sdk-core (= 2.3.15)
    azure_mgmt_network (0.1.1)
      concurrent-ruby (>= 1.0.0.pre1, < 2)
      faraday (~> 0.9)
      faraday-cookie_jar (~> 0.0.6)
      json (~> 1.8)
      ms_rest_azure (~> 0.1)
    azure_mgmt_resources (0.1.1)
      concurrent-ruby (>= 1.0.0.pre1, < 2)
      faraday (~> 0.9)
      faraday-cookie_jar (~> 0.0.6)
      json (~> 1.8)
      ms_rest_azure (~> 0.1)
    builder (3.2.2)
    concurrent-ruby (1.0.2)
    domain_name (0.5.20160615)
      unf (>= 0.0.5, < 1.0.0)
    erubis (2.7.0)
    excon (0.49.0)
    faraday (0.9.2)
      multipart-post (>= 1.2, < 3)
    faraday-cookie_jar (0.0.6)
      faraday (>= 0.7.4)
      http-cookie (~> 1.0.0)
    ffi (1.9.10)
    gssapi (1.2.0)
      ffi (>= 1.0.1)
    gyoku (1.3.1)
      builder (>= 2.1.2)
    http-cookie (1.0.2)
      domain_name (~> 0.5)
    httpclient (2.8.0)
    inifile (3.0.0)
    jmespath (1.2.4)
      json_pure (>= 1.8.1)
    json (1.8.3)
    json_pure (1.8.3)
    kitchen-azurerm (0.3.6)
      azure_mgmt_network (= 0.1.1)
      azure_mgmt_resources (= 0.1.1)
      inifile (>= 3.0.0)
      ms_rest (= 0.1.2)
      ms_rest_azure (= 0.1.2)
      sshkey (~> 1)
    kitchen-ec2 (1.0.0)
      aws-sdk (~> 2)
      excon
      multi_json
      retryable (~> 2.0)
      test-kitchen (~> 1.4, >= 1.4.1)
    kitchen-vagrant (0.20.0)
      test-kitchen (~> 1.4)
    little-plugger (1.1.4)
    logging (2.1.0)
      little-plugger (~> 1.1)
      multi_json (~> 1.10)
    mixlib-install (1.0.13)
      artifactory
      mixlib-shellout
      mixlib-versioning
    mixlib-shellout (2.2.6)
    mixlib-versioning (1.1.0)
    ms_rest (0.1.2)
      concurrent-ruby (~> 1.0)
      faraday (~> 0.9.1)
      json (~> 1.7)
      timeliness (~> 0.3.7)
    ms_rest_azure (0.1.2)
      concurrent-ruby (~> 1.0)
      faraday (~> 0.9.1)
      faraday-cookie_jar (~> 0.0.6)
      json (~> 1.7)
      ms_rest (~> 0.1.0)
    multi_json (1.12.1)
    multipart-post (2.0.0)
    net-scp (1.2.1)
      net-ssh (>= 2.6.5)
    net-ssh (2.9.4)
    nori (2.6.0)
    retryable (2.0.3)
    rubyntlm (0.6.0)
    rubyzip (1.2.0)
    safe_yaml (1.0.4)
    sshkey (1.8.0)
    test-kitchen (1.10.0)
      mixlib-install (~> 1.0, >= 1.0.4)
      mixlib-shellout (>= 1.2, < 3.0)
      net-scp (~> 1.1)
      net-ssh (>= 2.9, < 4.0)
      safe_yaml (~> 1.0)
      thor (~> 0.18)
    thor (0.19.1)
    timeliness (0.3.8)
    unf (0.1.4)
      unf_ext
    unf_ext (0.0.7.2)
    winrm (1.8.1)
      builder (>= 2.1.2)
      gssapi (~> 1.2)
      gyoku (~> 1.0)
      httpclient (~> 2.2, >= 2.2.0.2)
      logging (>= 1.6.1, < 3.0)
      nori (~> 2.0)
      rubyntlm (~> 0.6.0)
    winrm-fs (0.4.3)
      erubis (~> 2.7)
      logging (>= 1.6.1, < 3.0)
      rubyzip (~> 1.1)
      winrm (~> 1.5)
    winrm-transport (1.0.3)
      rubyzip (~> 1.1, >= 1.1.7)
      winrm (~> 1.3)

PLATFORMS
  ruby

DEPENDENCIES
  kitchen-ansiblepush!
  kitchen-azurerm
  kitchen-ec2
  kitchen-vagrant
  net-ssh (~> 2.0)
  test-kitchen
  winrm-fs
  winrm-transport

BUNDLED WITH
   1.12.5
